GEM
  remote: https://rubygems.org/
  specs:
    colorize (0.7.5)
    require_all (1.3.2)
    thor (0.19.1)

PLATFORMS
  ruby

DEPENDENCIES
  colorize
  require_all
  thor
