GEM
  remote: https://rubygems.org/
  specs:
    aws-sdk (2.0.44)
      aws-sdk-resources (= 2.0.44)
    aws-sdk-core (2.0.44)
      builder (~> 3.0)
      jmespath (~> 1.0)
      multi_json (~> 1.0)
    aws-sdk-resources (2.0.44)
      aws-sdk-core (= 2.0.44)
    builder (3.2.2)
    colorize (0.7.5)
    diff-lcs (1.2.5)
    dotenv (2.0.1)
    jmespath (1.0.2)
      multi_json (~> 1.0)
    multi_json (1.11.0)
    rspec (3.2.0)
      rspec-core (~> 3.2.0)
      rspec-expectations (~> 3.2.0)
      rspec-mocks (~> 3.2.0)
    rspec-core (3.2.3)
      rspec-support (~> 3.2.0)
    rspec-expectations (3.2.1)
      diff-lcs (>= 1.2.0, < 2.0)
      rspec-support (~> 3.2.0)
    rspec-mocks (3.2.1)
      diff-lcs (>= 1.2.0, < 2.0)
      rspec-support (~> 3.2.0)
    rspec-support (3.2.2)

PLATFORMS
  ruby

DEPENDENCIES
  aws-sdk
  colorize
  dotenv
  rspec
