GEM
  remote: https://rubygems.org/
  specs:
    aws-mfa (0.2.0)
    aws-sdk (1.64.0)
      aws-sdk-v1 (= 1.64.0)
    aws-sdk-v1 (1.64.0)
      json (~> 1.4)
      nokogiri (>= 1.4.4)
    childprocess (0.5.6)
      ffi (~> 1.0, >= 1.0.11)
    coderay (1.1.0)
    colorize (0.7.7)
    diff-lcs (1.2.5)
    ffi (1.9.8)
    json (1.8.2)
    method_source (0.8.2)
    mini_portile (0.6.2)
    multi_json (1.11.0)
    net-ssh (2.9.2)
    nokogiri (1.6.6.2)
      mini_portile (~> 0.6.0)
    pry (0.10.1)
      coderay (~> 1.1.0)
      method_source (~> 0.8.1)
      slop (~> 3.4)
    require_all (1.3.2)
    rspec (3.2.0)
      rspec-core (~> 3.2.0)
      rspec-expectations (~> 3.2.0)
      rspec-mocks (~> 3.2.0)
    rspec-core (3.2.3)
      rspec-support (~> 3.2.0)
    rspec-expectations (3.2.1)
      diff-lcs (>= 1.2.0, < 2.0)
      rspec-support (~> 3.2.0)
    rspec-mocks (3.2.1)
      diff-lcs (>= 1.2.0, < 2.0)
      rspec-support (~> 3.2.0)
    rspec-support (3.2.2)
    rubyzip (1.1.7)
    selenium-webdriver (2.45.0)
      childprocess (~> 0.5)
      multi_json (~> 1.0)
      rubyzip (~> 1.0)
      websocket (~> 1.0)
    slop (3.6.0)
    thor (0.19.1)
    watir-webdriver (0.7.0)
      selenium-webdriver (>= 2.45)
    websocket (1.2.2)

PLATFORMS
  ruby

DEPENDENCIES
  aws-mfa
  aws-sdk (~> 1.64.0)
  colorize
  net-ssh
  pry
  require_all
  rspec
  thor
  watir-webdriver
